PATH
  remote: .
  specs:
    wasapi_client (0.2.0)
      activesupport
      digest
      faraday
      faraday-follow_redirects
      faraday-retry
      zeitwerk

GEM
  remote: https://rubygems.org/
  specs:
    activesupport (8.0.2)
      base64
      benchmark (>= 0.3)
      bigdecimal
      concurrent-ruby (~> 1.0, >= 1.3.1)
      connection_pool (>= 2.2.5)
      drb
      i18n (>= 1.6, < 2)
      logger (>= 1.4.2)
      minitest (>= 5.1)
      securerandom (>= 0.3)
      tzinfo (~> 2.0, >= 2.0.5)
      uri (>= 0.13.1)
    addressable (2.8.7)
      public_suffix (>= 2.0.2, < 7.0)
    ast (2.4.3)
    base64 (0.3.0)
    benchmark (0.4.1)
    bigdecimal (3.2.2)
    concurrent-ruby (1.3.5)
    connection_pool (2.5.3)
    crack (1.0.0)
      bigdecimal
      rexml
    date (3.4.1)
    debug (1.11.0)
      irb (~> 1.10)
      reline (>= 0.3.8)
    diff-lcs (1.6.2)
    digest (3.2.0)
    docile (1.4.1)
    drb (2.2.3)
    erb (5.0.2)
    faraday (2.13.2)
      faraday-net_http (>= 2.0, < 3.5)
      json
      logger
    faraday-follow_redirects (0.3.0)
      faraday (>= 1, < 3)
    faraday-net_http (3.4.1)
      net-http (>= 0.5.0)
    faraday-retry (2.3.2)
      faraday (~> 2.0)
    hashdiff (1.2.0)
    i18n (1.14.7)
      concurrent-ruby (~> 1.0)
    io-console (0.8.1)
    irb (1.15.2)
      pp (>= 0.6.0)
      rdoc (>= 4.0.0)
      reline (>= 0.4.2)
    json (2.13.0)
    language_server-protocol (3.17.0.5)
    lint_roller (1.1.0)
    logger (1.7.0)
    minitest (5.25.5)
    net-http (0.6.0)
      uri
    parallel (1.27.0)
    parser (3.3.8.0)
      ast (~> 2.4.1)
      racc
    pp (0.6.2)
      prettyprint
    prettyprint (0.2.0)
    prism (1.4.0)
    psych (5.2.6)
      date
      stringio
    public_suffix (6.0.2)
    racc (1.8.1)
    rainbow (3.1.1)
    rake (13.3.0)
    rdoc (6.14.2)
      erb
      psych (>= 4.0.0)
    regexp_parser (2.10.0)
    reline (0.6.2)
      io-console (~> 0.5)
    rexml (3.4.1)
    rspec (3.13.1)
      rspec-core (~> 3.13.0)
      rspec-expectations (~> 3.13.0)
      rspec-mocks (~> 3.13.0)
    rspec-core (3.13.5)
      rspec-support (~> 3.13.0)
    rspec-expectations (3.13.5)
      diff-lcs (>= 1.2.0, < 2.0)
      rspec-support (~> 3.13.0)
    rspec-mocks (3.13.5)
      diff-lcs (>= 1.2.0, < 2.0)
      rspec-support (~> 3.13.0)
    rspec-support (3.13.4)
    rubocop (1.78.0)
      json (~> 2.3)
      language_server-protocol (~> 3.17.0.2)
      lint_roller (~> 1.1.0)
      parallel (~> 1.10)
      parser (>= 3.3.0.2)
      rainbow (>= 2.2.2, < 4.0)
      regexp_parser (>= 2.9.3, < 3.0)
      rubocop-ast (>= 1.45.1, < 2.0)
      ruby-progressbar (~> 1.7)
      unicode-display_width (>= 2.4.0, < 4.0)
    rubocop-ast (1.46.0)
      parser (>= 3.3.7.2)
      prism (~> 1.4)
    rubocop-performance (1.25.0)
      lint_roller (~> 1.1)
      rubocop (>= 1.75.0, < 2.0)
      rubocop-ast (>= 1.38.0, < 2.0)
    rubocop-rspec (3.6.0)
      lint_roller (~> 1.1)
      rubocop (~> 1.72, >= 1.72.1)
    rubocop-rspec_rails (2.31.0)
      lint_roller (~> 1.1)
      rubocop (~> 1.72, >= 1.72.1)
      rubocop-rspec (~> 3.5)
    ruby-progressbar (1.13.0)
    securerandom (0.4.1)
    simplecov (0.22.0)
      docile (~> 1.1)
      simplecov-html (~> 0.11)
      simplecov_json_formatter (~> 0.1)
    simplecov-html (0.13.2)
    simplecov_json_formatter (0.1.4)
    stringio (3.1.7)
    tzinfo (2.0.6)
      concurrent-ruby (~> 1.0)
    unicode-display_width (3.1.4)
      unicode-emoji (~> 4.0, >= 4.0.4)
    unicode-emoji (4.0.4)
    uri (1.0.3)
    webmock (3.25.1)
      addressable (>= 2.8.0)
      crack (>= 0.3.2)
      hashdiff (>= 0.4.0, < 2.0.0)
    zeitwerk (2.7.3)

PLATFORMS
  arm64-darwin-23
  ruby

DEPENDENCIES
  debug
  rake
  rspec
  rubocop
  rubocop-performance
  rubocop-rspec
  rubocop-rspec_rails
  simplecov
  wasapi_client!
  webmock

BUNDLED WITH
   2.7.0
